GEM
  remote: https://rubygems.org/
  specs:
    app_root (0.1.2)
    easy_settings (0.1.1)
      hashie (~> 3.4.3)
    hashie (3.4.3)
    mustermann (1.1.1)
      ruby2_keywords (~> 0.0.1)
    pdf-core (0.6.0)
    prawn (2.0.2)
      pdf-core (~> 0.6.0)
      ttfunk (~> 1.4.0)
    prawn-table (0.2.2)
      prawn (>= 1.3.0, < 3.0.0)
    rack (2.2.3)
    rack-protection (2.2.0)
      rack
    ruby2_keywords (0.0.5)
    sinatra (2.2.0)
      mustermann (~> 1.0)
      rack (~> 2.2)
      rack-protection (= 2.2.0)
      tilt (~> 2.0)
    slim (3.0.6)
      temple (~> 0.7.3)
      tilt (>= 1.3.3, < 2.1)
    temple (0.7.6)
    tilt (2.0.10)
    ttfunk (1.4.0)

PLATFORMS
  ruby

DEPENDENCIES
  app_root
  easy_settings
  prawn
  prawn-table
  sinatra
  slim
